PATH
  remote: .
  specs:
    elbping (0.0.4)
      net-dns (~> 0.8.0)

GEM
  remote: https://rubygems.org/
  specs:
    net-dns (0.8.0)

PLATFORMS
  ruby

DEPENDENCIES
  elbping!
