PATH
  remote: .
  specs:
    elbping (0.0.8)
      ipaddress (~> 0.8.0)
      net-dns (~> 0.8.0)
      rake (~> 10.0.4)

GEM
  remote: https://rubygems.org/
  specs:
    ipaddress (0.8.0)
    net-dns (0.8.0)
    rake (10.0.4)

PLATFORMS
  ruby

DEPENDENCIES
  elbping!
